STORAGE: NONE
RESTRICTION: == netstandard2.0
NUGET
  remote: https://www.nuget.org/api/v2
    Fake.Core.Context (5.1)
      FSharp.Core (>= 4.3.4)
    Fake.Core.Environment (5.1)
      FSharp.Core (>= 4.3.4)
    Fake.Core.FakeVar (5.1)
      Fake.Core.Context (>= 5.1)
      FSharp.Core (>= 4.3.4)
    Fake.Core.Process (5.1)
      Fake.Core.Environment (>= 5.1)
      Fake.Core.FakeVar (>= 5.1)
      Fake.Core.String (>= 5.1)
      Fake.Core.Trace (>= 5.1)
      Fake.IO.FileSystem (>= 5.1)
      FSharp.Core (>= 4.3.4)
      System.Diagnostics.Process (>= 4.3)
    Fake.Core.ReleaseNotes (5.1)
      Fake.Core.SemVer (>= 5.1)
      Fake.Core.String (>= 5.1)
      FSharp.Core (>= 4.3.4)
    Fake.Core.SemVer (5.1)
      FSharp.Core (>= 4.3.4)
      System.Runtime.Numerics (>= 4.3)
    Fake.Core.String (5.1)
      FSharp.Core (>= 4.3.4)
    Fake.Core.Trace (5.1)
      Fake.Core.Environment (>= 5.1)
      Fake.Core.FakeVar (>= 5.1)
      FSharp.Core (>= 4.3.4)
    Fake.Core.UserInput (5.1)
    Fake.DotNet.Cli (5.1)
      Fake.Core.Environment (>= 5.1)
      Fake.Core.Process (>= 5.1)
      Fake.Core.String (>= 5.1)
      Fake.Core.Trace (>= 5.1)
      Fake.IO.FileSystem (>= 5.1)
      FSharp.Core (>= 4.3.4)
      Newtonsoft.Json (>= 11.0.2)
    Fake.IO.FileSystem (5.1)
      Fake.Core.String (>= 5.1)
      FSharp.Core (>= 4.3.4)
      System.Diagnostics.FileVersionInfo (>= 4.3)
      System.IO.FileSystem.Watcher (>= 4.3)
    Fake.Tools.Git (5.1)
      Fake.Core.Environment (>= 5.1)
      Fake.Core.Process (>= 5.1)
      Fake.Core.SemVer (>= 5.1)
      Fake.Core.String (>= 5.1)
      Fake.Core.Trace (>= 5.1)
      Fake.IO.FileSystem (>= 5.1)
      FSharp.Core (>= 4.3.4)
    FSharp.Core (4.5)
    Microsoft.NETCore.Platforms (2.1)
    Microsoft.NETCore.Targets (2.1)
    Microsoft.Win32.Primitives (4.3)
      Microsoft.NETCore.Platforms (>= 1.1)
      Microsoft.NETCore.Targets (>= 1.1)
      System.Runtime (>= 4.3)
    Microsoft.Win32.Registry (4.5)
      System.Buffers (>= 4.4)
      System.Memory (>= 4.5)
      System.Security.AccessControl (>= 4.5)
      System.Security.Principal.Windows (>= 4.5)
    Newtonsoft.Json (11.0.2)
    runtime.native.System (4.3)
      Microsoft.NETCore.Platforms (>= 1.1)
      Microsoft.NETCore.Targets (>= 1.1)
    System.Buffers (4.5)
    System.Collections (4.3)
      Microsoft.NETCore.Platforms (>= 1.1)
      Microsoft.NETCore.Targets (>= 1.1)
      System.Runtime (>= 4.3)
    System.Collections.Immutable (1.5)
    System.Diagnostics.Debug (4.3)
      Microsoft.NETCore.Platforms (>= 1.1)
      Microsoft.NETCore.Targets (>= 1.1)
      System.Runtime (>= 4.3)
    System.Diagnostics.FileVersionInfo (4.3)
      Microsoft.NETCore.Platforms (>= 1.1)
      System.Globalization (>= 4.3)
      System.IO (>= 4.3)
      System.IO.FileSystem (>= 4.3)
      System.IO.FileSystem.Primitives (>= 4.3)
      System.Reflection.Metadata (>= 1.4.1)
      System.Runtime (>= 4.3)
      System.Runtime.Extensions (>= 4.3)
      System.Runtime.InteropServices (>= 4.3)
    System.Diagnostics.Process (4.3)
      Microsoft.NETCore.Platforms (>= 1.1)
      Microsoft.Win32.Primitives (>= 4.3)
      Microsoft.Win32.Registry (>= 4.3)
      runtime.native.System (>= 4.3)
      System.Collections (>= 4.3)
      System.Diagnostics.Debug (>= 4.3)
      System.Globalization (>= 4.3)
      System.IO (>= 4.3)
      System.IO.FileSystem (>= 4.3)
      System.IO.FileSystem.Primitives (>= 4.3)
      System.Resources.ResourceManager (>= 4.3)
      System.Runtime (>= 4.3)
      System.Runtime.Extensions (>= 4.3)
      System.Runtime.Handles (>= 4.3)
      System.Runtime.InteropServices (>= 4.3)
      System.Text.Encoding (>= 4.3)
      System.Text.Encoding.Extensions (>= 4.3)
      System.Threading (>= 4.3)
      System.Threading.Tasks (>= 4.3)
      System.Threading.Thread (>= 4.3)
      System.Threading.ThreadPool (>= 4.3)
    System.Globalization (4.3)
      Microsoft.NETCore.Platforms (>= 1.1)
      Microsoft.NETCore.Targets (>= 1.1)
      System.Runtime (>= 4.3)
    System.IO (4.3)
      Microsoft.NETCore.Platforms (>= 1.1)
      Microsoft.NETCore.Targets (>= 1.1)
      System.Runtime (>= 4.3)
      System.Text.Encoding (>= 4.3)
      System.Threading.Tasks (>= 4.3)
    System.IO.FileSystem (4.3)
      Microsoft.NETCore.Platforms (>= 1.1)
      Microsoft.NETCore.Targets (>= 1.1)
      System.IO (>= 4.3)
      System.IO.FileSystem.Primitives (>= 4.3)
      System.Runtime (>= 4.3)
      System.Runtime.Handles (>= 4.3)
      System.Text.Encoding (>= 4.3)
      System.Threading.Tasks (>= 4.3)
    System.IO.FileSystem.Primitives (4.3)
      System.Runtime (>= 4.3)
    System.IO.FileSystem.Watcher (4.3)
      Microsoft.NETCore.Platforms (>= 1.1)
      Microsoft.Win32.Primitives (>= 4.3)
      runtime.native.System (>= 4.3)
      System.Collections (>= 4.3)
      System.IO.FileSystem (>= 4.3)
      System.IO.FileSystem.Primitives (>= 4.3)
      System.Resources.ResourceManager (>= 4.3)
      System.Runtime (>= 4.3)
      System.Runtime.Extensions (>= 4.3)
      System.Runtime.Handles (>= 4.3)
      System.Runtime.InteropServices (>= 4.3)
      System.Text.Encoding (>= 4.3)
      System.Threading (>= 4.3)
      System.Threading.Overlapped (>= 4.3)
      System.Threading.Tasks (>= 4.3)
      System.Threading.Thread (>= 4.3)
    System.Memory (4.5.1)
      System.Buffers (>= 4.4)
      System.Numerics.Vectors (>= 4.4)
      System.Runtime.CompilerServices.Unsafe (>= 4.5)
    System.Numerics.Vectors (4.5)
    System.Reflection (4.3)
      Microsoft.NETCore.Platforms (>= 1.1)
      Microsoft.NETCore.Targets (>= 1.1)
      System.IO (>= 4.3)
      System.Reflection.Primitives (>= 4.3)
      System.Runtime (>= 4.3)
    System.Reflection.Metadata (1.6)
      System.Collections.Immutable (>= 1.5)
    System.Reflection.Primitives (4.3)
      Microsoft.NETCore.Platforms (>= 1.1)
      Microsoft.NETCore.Targets (>= 1.1)
      System.Runtime (>= 4.3)
    System.Resources.ResourceManager (4.3)
      Microsoft.NETCore.Platforms (>= 1.1)
      Microsoft.NETCore.Targets (>= 1.1)
      System.Globalization (>= 4.3)
      System.Reflection (>= 4.3)
      System.Runtime (>= 4.3)
    System.Runtime (4.3)
      Microsoft.NETCore.Platforms (>= 1.1)
      Microsoft.NETCore.Targets (>= 1.1)
    System.Runtime.CompilerServices.Unsafe (4.5.1)
    System.Runtime.Extensions (4.3)
      Microsoft.NETCore.Platforms (>= 1.1)
      Microsoft.NETCore.Targets (>= 1.1)
      System.Runtime (>= 4.3)
    System.Runtime.Handles (4.3)
      Microsoft.NETCore.Platforms (>= 1.1)
      Microsoft.NETCore.Targets (>= 1.1)
      System.Runtime (>= 4.3)
    System.Runtime.InteropServices (4.3)
      Microsoft.NETCore.Platforms (>= 1.1)
      Microsoft.NETCore.Targets (>= 1.1)
      System.Reflection (>= 4.3)
      System.Reflection.Primitives (>= 4.3)
      System.Runtime (>= 4.3)
      System.Runtime.Handles (>= 4.3)
    System.Runtime.Numerics (4.3)
      System.Globalization (>= 4.3)
      System.Resources.ResourceManager (>= 4.3)
      System.Runtime (>= 4.3)
      System.Runtime.Extensions (>= 4.3)
    System.Security.AccessControl (4.5)
      System.Security.Principal.Windows (>= 4.5)
    System.Security.Principal.Windows (4.5)
    System.Text.Encoding (4.3)
      Microsoft.NETCore.Platforms (>= 1.1)
      Microsoft.NETCore.Targets (>= 1.1)
      System.Runtime (>= 4.3)
    System.Text.Encoding.Extensions (4.3)
      Microsoft.NETCore.Platforms (>= 1.1)
      Microsoft.NETCore.Targets (>= 1.1)
      System.Runtime (>= 4.3)
      System.Text.Encoding (>= 4.3)
    System.Threading (4.3)
      System.Runtime (>= 4.3)
      System.Threading.Tasks (>= 4.3)
    System.Threading.Overlapped (4.3)
      Microsoft.NETCore.Platforms (>= 1.1)
      System.Resources.ResourceManager (>= 4.3)
      System.Runtime (>= 4.3)
      System.Runtime.Handles (>= 4.3)
    System.Threading.Tasks (4.3)
      Microsoft.NETCore.Platforms (>= 1.1)
      Microsoft.NETCore.Targets (>= 1.1)
      System.Runtime (>= 4.3)
    System.Threading.Thread (4.3)
      System.Runtime (>= 4.3)
    System.Threading.ThreadPool (4.3)
      System.Runtime (>= 4.3)
      System.Runtime.Handles (>= 4.3)
