RESTRICTION: == net46
NUGET
  remote: https://www.nuget.org/api/v2
    FAKE (4.63.2)
